GIT
  remote: git://github.com/amatsuda/kaminari.git
  revision: 9d550c737a72fc1ddee71e979d358704593a5a6f
  specs:
    kaminari (1.0.0.alpha)
      actionpack (>= 3.0.0)
      activesupport (>= 3.0.0)

GIT
  remote: git://github.com/cireficc/acts-as-taggable-on.git
  revision: a02f8fdf85952894f74779c80fa891af6415fefe
  specs:
    acts-as-taggable-on (3.5.0)
      activerecord (>= 3.2, < 5)

GIT
  remote: https://github.com/plataformatec/devise.git
  revision: bcdd54cc5ebd3413eeb3d17e3b634e8ace0d09f3
  tag: master
  specs:
    devise (4.1.0)
      bcrypt (~> 3.0)
      orm_adapter (~> 0.1)
      railties (>= 4.1.0, < 5.1)
      responders
      warden (~> 1.2.3)

GIT
  remote: https://github.com/rspec/rspec-core.git
  revision: 252af8c14b78a0a2516e028c0f567293adc1d79d
  branch: master
  specs:
    rspec-core (3.5.0.pre)
      rspec-support (= 3.5.0.pre)

GIT
  remote: https://github.com/rspec/rspec-expectations.git
  revision: 1500d2163f53bb706083b4ba95f0f21d2d94ea7f
  branch: master
  specs:
    rspec-expectations (3.5.0.pre)
      diff-lcs (>= 1.2.0, < 2.0)
      rspec-support (= 3.5.0.pre)

GIT
  remote: https://github.com/rspec/rspec-mocks.git
  revision: a25774f2b54ab199c355ff92afff75513e773531
  branch: master
  specs:
    rspec-mocks (3.5.0.pre)
      diff-lcs (>= 1.2.0, < 2.0)
      rspec-support (= 3.5.0.pre)

GIT
  remote: https://github.com/rspec/rspec-rails.git
  revision: 78e47e634b9a21979b580da48649704c7a512ad0
  branch: master
  specs:
    rspec-rails (3.5.0.pre)
      actionpack (>= 3.0)
      activesupport (>= 3.0)
      railties (>= 3.0)
      rspec-core (= 3.5.0.pre)
      rspec-expectations (= 3.5.0.pre)
      rspec-mocks (= 3.5.0.pre)
      rspec-support (= 3.5.0.pre)

GIT
  remote: https://github.com/rspec/rspec-support.git
  revision: 5c15743508a8dfcf272bbea39035ebbc6f3748e1
  branch: master
  specs:
    rspec-support (3.5.0.pre)

GEM
  remote: https://rubygems.org/
  remote: https://rails-assets.org/
  specs:
    CFPropertyList (2.3.2)
    aasm (4.10.1)
    actioncable (5.0.0.rc1)
      actionpack (= 5.0.0.rc1)
      nio4r (~> 1.2)
      websocket-driver (~> 0.6.1)
    actionmailer (5.0.0.rc1)
      actionpack (= 5.0.0.rc1)
      actionview (= 5.0.0.rc1)
      activejob (= 5.0.0.rc1)
      mail (~> 2.5, >= 2.5.4)
      rails-dom-testing (~> 1.0, >= 1.0.5)
    actionpack (5.0.0.rc1)
      actionview (= 5.0.0.rc1)
      activesupport (= 5.0.0.rc1)
      rack (~> 2.x)
      rack-test (~> 0.6.3)
      rails-dom-testing (~> 1.0, >= 1.0.5)
      rails-html-sanitizer (~> 1.0, >= 1.0.2)
    actionview (5.0.0.rc1)
      activesupport (= 5.0.0.rc1)
      builder (~> 3.1)
      erubis (~> 2.7.0)
      rails-dom-testing (~> 1.0, >= 1.0.5)
      rails-html-sanitizer (~> 1.0, >= 1.0.2)
    active_link_to (1.0.3)
      actionpack
    activejob (5.0.0.rc1)
      activesupport (= 5.0.0.rc1)
      globalid (>= 0.3.6)
    activemodel (5.0.0.rc1)
      activesupport (= 5.0.0.rc1)
    activerecord (5.0.0.rc1)
      activemodel (= 5.0.0.rc1)
      activesupport (= 5.0.0.rc1)
      arel (~> 7.0)
    activesupport (5.0.0.rc1)
      concurrent-ruby (~> 1.0, >= 1.0.2)
      i18n (~> 0.7)
      minitest (~> 5.1)
      tzinfo (~> 1.1)
    arel (7.0.0)
    attr_required (1.0.1)
    autoprefixer-rails (6.3.6.2)
      execjs
    bcrypt (3.1.11)
    bootstrap (4.0.0.alpha3)
      autoprefixer-rails (>= 6.0.3)
      sass (>= 3.4.19)
    builder (3.2.2)
    byebug (9.0.5)
    carrierwave (0.11.2)
      activemodel (>= 3.2.0)
      activesupport (>= 3.2.0)
      json (>= 1.7)
      mime-types (>= 1.16)
      mimemagic (>= 0.3.0)
    coffee-rails (4.1.1)
      coffee-script (>= 2.2.0)
      railties (>= 4.0.0, < 5.1.x)
    coffee-script (2.4.1)
      coffee-script-source
      execjs
    coffee-script-source (1.10.0)
    concurrent-ruby (1.0.2)
    countries (1.2.5)
      currencies (~> 0.4.2)
      i18n_data (~> 0.7.0)
    country_select (2.5.2)
      countries (~> 1.2.0)
      sort_alphabetical (~> 1.0)
    currencies (0.4.2)
    diff-lcs (1.2.5)
    domain_name (0.5.20160310)
      unf (>= 0.0.5, < 1.0.0)
    dropzonejs-rails (0.7.3)
      rails (> 3.1)
    erubis (2.7.0)
    excon (0.49.0)
    execjs (2.7.0)
    factory_girl (4.7.0)
      activesupport (>= 3.0.0)
    factory_girl_rails (4.7.0)
      factory_girl (~> 4.7.0)
      railties (>= 3.0.0)
    faker (1.6.3)
      i18n (~> 0.5)
    figaro (1.1.1)
      thor (~> 0.14)
    fission (0.5.0)
      CFPropertyList (~> 2.2)
    flutie (2.0.0)
    fog (1.38.0)
      fog-aliyun (>= 0.1.0)
      fog-atmos
      fog-aws (>= 0.6.0)
      fog-brightbox (~> 0.4)
      fog-cloudatcost (~> 0.1.0)
      fog-core (~> 1.32)
      fog-dynect (~> 0.0.2)
      fog-ecloud (~> 0.1)
      fog-google (<= 0.1.0)
      fog-json
      fog-local
      fog-openstack
      fog-powerdns (>= 0.1.1)
      fog-profitbricks
      fog-rackspace
      fog-radosgw (>= 0.0.2)
      fog-riakcs
      fog-sakuracloud (>= 0.0.4)
      fog-serverlove
      fog-softlayer
      fog-storm_on_demand
      fog-terremark
      fog-vmfusion
      fog-voxel
      fog-vsphere (>= 0.4.0)
      fog-xenserver
      fog-xml (~> 0.1.1)
      ipaddress (~> 0.5)
    fog-aliyun (0.1.0)
      fog-core (~> 1.27)
      fog-json (~> 1.0)
      ipaddress (~> 0.8)
      xml-simple (~> 1.1)
    fog-atmos (0.1.0)
      fog-core
      fog-xml
    fog-aws (0.9.2)
      fog-core (~> 1.27)
      fog-json (~> 1.0)
      fog-xml (~> 0.1)
      ipaddress (~> 0.8)
    fog-brightbox (0.10.1)
      fog-core (~> 1.22)
      fog-json
      inflecto (~> 0.0.2)
    fog-cloudatcost (0.1.2)
      fog-core (~> 1.36)
      fog-json (~> 1.0)
      fog-xml (~> 0.1)
      ipaddress (~> 0.8)
    fog-core (1.40.0)
      builder
      excon (~> 0.49)
      formatador (~> 0.2)
    fog-dynect (0.0.3)
      fog-core
      fog-json
      fog-xml
    fog-ecloud (0.3.0)
      fog-core
      fog-xml
    fog-google (0.1.0)
      fog-core
      fog-json
      fog-xml
    fog-json (1.0.2)
      fog-core (~> 1.0)
      multi_json (~> 1.10)
    fog-local (0.3.0)
      fog-core (~> 1.27)
    fog-openstack (0.1.6)
      fog-core (>= 1.39)
      fog-json (>= 1.0)
      ipaddress (>= 0.8)
    fog-powerdns (0.1.1)
      fog-core (~> 1.27)
      fog-json (~> 1.0)
      fog-xml (~> 0.1)
    fog-profitbricks (0.0.5)
      fog-core
      fog-xml
      nokogiri
    fog-rackspace (0.1.1)
      fog-core (>= 1.35)
      fog-json (>= 1.0)
      fog-xml (>= 0.1)
      ipaddress (>= 0.8)
    fog-radosgw (0.0.5)
      fog-core (>= 1.21.0)
      fog-json
      fog-xml (>= 0.0.1)
    fog-riakcs (0.1.0)
      fog-core
      fog-json
      fog-xml
    fog-sakuracloud (1.7.5)
      fog-core
      fog-json
    fog-serverlove (0.1.2)
      fog-core
      fog-json
    fog-softlayer (1.1.1)
      fog-core
      fog-json
    fog-storm_on_demand (0.1.1)
      fog-core
      fog-json
    fog-terremark (0.1.0)
      fog-core
      fog-xml
    fog-vmfusion (0.1.0)
      fission
      fog-core
    fog-voxel (0.1.0)
      fog-core
      fog-xml
    fog-vsphere (0.7.0)
      fog-core
      rbvmomi (~> 1.8)
    fog-xenserver (0.2.3)
      fog-core
      fog-xml
    fog-xml (0.1.2)
      fog-core
      nokogiri (~> 1.5, >= 1.5.11)
    font-awesome-rails (4.6.3.0)
      railties (>= 3.2, < 5.1)
    formatador (0.2.5)
    friendly_id (5.1.0)
      activerecord (>= 4.0.0)
    globalid (0.3.6)
      activesupport (>= 4.1.0)
    hashids (1.0.2)
    http-cookie (1.0.2)
      domain_name (~> 0.5)
    i18n (0.7.0)
    i18n_data (0.7.0)
    inflecto (0.0.2)
    ipaddress (0.8.3)
    jbuilder (2.5.0)
      activesupport (>= 3.0.0, < 5.1)
      multi_json (~> 1.2)
    jquery-infinite-pages (0.2.0)
      coffee-script
      jquery-rails
      railties (>= 3.1)
    jquery-rails (4.1.1)
      rails-dom-testing (>= 1, < 3)
      railties (>= 4.2.0)
      thor (>= 0.14, < 2.0)
    jquery-ui-rails (5.0.5)
      railties (>= 3.2.16)
    json (1.8.3)
    loofah (2.0.3)
      nokogiri (>= 1.5.9)
    mail (2.6.4)
      mime-types (>= 1.16, < 4)
    method_source (0.8.2)
    mime-types (2.99.2)
    mimemagic (0.3.1)
    mini_portile2 (2.0.0)
    minitest (5.9.0)
    modulejs-rails (1.9.0.1)
      railties (>= 4.0)
    monetize (1.4.0)
      money (~> 6.7)
    money (6.7.1)
      i18n (>= 0.6.4, <= 0.7.0)
      sixarm_ruby_unaccent (>= 1.1.1, < 2)
    money-rails (1.6.1)
      activesupport (>= 3.0)
      monetize (~> 1.4.0)
      money (~> 6.7)
      railties (>= 3.0)
    multi_json (1.12.1)
    netrc (0.11.0)
    nio4r (1.2.1)
    nokogiri (1.6.7.2)
      mini_portile2 (~> 2.0.0.rc2)
    orm_adapter (0.5.0)
    parsley-rails (2.0.7.0)
      railties (>= 3.0.0)
    paypal-express (0.8.1)
      activesupport (>= 2.3)
      attr_required (>= 0.0.5)
      rest-client
    pg (0.18.4)
    puma (3.4.0)
    rack (2.0.0.rc1)
      json
    rack-test (0.6.3)
      rack (>= 1.0)
    rails (5.0.0.rc1)
      actioncable (= 5.0.0.rc1)
      actionmailer (= 5.0.0.rc1)
      actionpack (= 5.0.0.rc1)
      actionview (= 5.0.0.rc1)
      activejob (= 5.0.0.rc1)
      activemodel (= 5.0.0.rc1)
      activerecord (= 5.0.0.rc1)
      activesupport (= 5.0.0.rc1)
      bundler (>= 1.3.0, < 2.0)
      railties (= 5.0.0.rc1)
      sprockets-rails (>= 2.0.0)
    rails-assets-tether (1.3.2)
    rails-controller-testing (0.1.1)
      actionpack (~> 5.x)
      actionview (~> 5.x)
      activesupport (~> 5.x)
    rails-deprecated_sanitizer (1.0.3)
      activesupport (>= 4.2.0.alpha)
    rails-dom-testing (1.0.7)
      activesupport (>= 4.2.0.beta, < 5.0)
      nokogiri (~> 1.6.0)
      rails-deprecated_sanitizer (>= 1.0.1)
    rails-html-sanitizer (1.0.3)
      loofah (~> 2.0)
    railties (5.0.0.rc1)
      actionpack (= 5.0.0.rc1)
      activesupport (= 5.0.0.rc1)
      method_source
      rake (>= 0.8.7)
      thor (>= 0.18.1, < 2.0)
    rake (11.1.2)
    ranked-model (0.4.0)
      activerecord (>= 3.1.12)
    rbvmomi (1.8.2)
      builder
      nokogiri (>= 1.4.1)
      trollop
    responders (2.2.0)
      railties (>= 4.2.0, < 5.1)
    rest-client (1.8.0)
      http-cookie (>= 1.0.2, < 2.0)
      mime-types (>= 1.16, < 3.0)
      netrc (~> 0.7)
    rmagick (2.15.4)
    sass (3.4.22)
    sass-rails (5.0.4)
      railties (>= 4.0.0, < 5.0)
      sass (~> 3.1)
      sprockets (>= 2.8, < 4.0)
      sprockets-rails (>= 2.0, < 4.0)
      tilt (>= 1.1, < 3)
    seed_dump (3.2.4)
      activerecord (>= 4)
      activesupport (>= 4)
    selectize-rails (0.12.1)
    sixarm_ruby_unaccent (1.1.1)
    sort_alphabetical (1.0.2)
      unicode_utils (>= 1.2.2)
    sprockets (3.6.0)
      concurrent-ruby (~> 1.0)
      rack (> 1, < 3)
    sprockets-rails (3.0.4)
      actionpack (>= 4.0)
      activesupport (>= 4.0)
      sprockets (>= 3.0.0)
    stripe (1.43.0)
      rest-client (~> 1.4)
    thor (0.19.1)
    thread_safe (0.3.5)
    tilt (2.0.4)
    timecop (0.8.1)
    trix (0.9.7)
      rails
    trollop (2.1.2)
    tzinfo (1.2.2)
      thread_safe (~> 0.1)
    uglifier (3.0.0)
      execjs (>= 0.3.0, < 3)
    unf (0.1.4)
      unf_ext
    unf_ext (0.0.7.2)
    unicode_utils (1.4.0)
    warden (1.2.6)
      rack (>= 1.0)
    websocket-driver (0.6.4)
      websocket-extensions (>= 0.1.0)
    websocket-extensions (0.1.2)
    xml-simple (1.1.5)

PLATFORMS
  ruby

DEPENDENCIES
  aasm
  active_link_to
  acts-as-taggable-on!
  bootstrap (~> 4.0.0.alpha3)
  byebug
  carrierwave
  coffee-rails (~> 4.1.0)
  country_select
  devise!
  dropzonejs-rails
  factory_girl_rails (~> 4.0)
  faker
  figaro
  flutie
  fog
  font-awesome-rails
  friendly_id (~> 5.1.0)
  hashids
  jbuilder (~> 2.0)
  jquery-infinite-pages
  jquery-rails
  jquery-ui-rails
  kaminari!
  modulejs-rails
  money-rails
  parsley-rails
  paypal-express
  pg (~> 0.18)
  puma
  rails (>= 5.0.0.beta3, < 5.1)
  rails-assets-tether (>= 1.1.0)!
  rails-controller-testing
  ranked-model
  rmagick
  rspec-core!
  rspec-expectations!
  rspec-mocks!
  rspec-rails!
  rspec-support!
  sass-rails (~> 5.0)
  seed_dump
  selectize-rails
  stripe
  timecop
  trix
  tzinfo-data
  uglifier (>= 1.3.0)

BUNDLED WITH
   1.11.2
